GEM
  remote: https://rubygems.org/
  specs:
    addressable (2.3.5)
    bourbon (3.1.8)
      sass (>= 3.2.0)
      thor
    erubis (2.7.0)
    grater (0.1.5)
      sass (>= 3.2.0)
    hike (1.2.3)
    multi_json (1.8.2)
    puma (2.7.1)
      rack (>= 1.1, < 2.0)
    rack (1.5.2)
    rack-canonical-host (0.0.8)
      addressable
      rack (~> 1.0)
    rack-protection (1.5.1)
      rack
    sass (3.2.13)
    shotgun (0.9)
      rack (>= 1.0)
    sinatra (1.4.4)
      rack (~> 1.4)
      rack-protection (~> 1.4)
      tilt (~> 1.3, >= 1.3.4)
    sinatra-basic-auth (0.1.0)
      sinatra
    sinatra-content-for2 (0.3)
      sinatra
    sprockets (2.10.1)
      hike (~> 1.2)
      multi_json (~> 1.0)
      rack (~> 1.0)
      tilt (~> 1.1, != 1.3.0)
    sprockets-sass (1.0.2)
      sprockets (~> 2.0)
      tilt (~> 1.1)
    thor (0.18.1)
    tilt (1.4.1)

PLATFORMS
  ruby

DEPENDENCIES
  bourbon
  erubis
  grater
  puma
  rack-canonical-host
  sass
  shotgun
  sinatra
  sinatra-basic-auth
  sinatra-content-for2
  sprockets
  sprockets-sass
